GEM
  remote: https://rubygems.org/
  specs:
    benchmark-ips (2.7.2)
    elasticsearch (7.6.0)
      elasticsearch-api (= 7.6.0)
      elasticsearch-transport (= 7.6.0)
    elasticsearch-api (7.6.0)
      multi_json
    elasticsearch-transport (7.6.0)
      faraday (~> 1)
      multi_json
    faraday (1.0.1)
      multipart-post (>= 1.2, < 3)
    multi_json (1.14.1)
    multipart-post (2.1.1)

PLATFORMS
  ruby

DEPENDENCIES
  benchmark-ips (= 2.7.2)
  elasticsearch

BUNDLED WITH
   1.17.2
